GEM
  remote: http://rubygems.org/
  specs:
    activesupport (3.1.3)
      multi_json (~> 1.0)
    builder (3.0.0)
    diff-lcs (1.1.3)
    fssm (0.2.7)
    i18n (0.6.0)
    macaddr (1.5.0)
      systemu (>= 2.4.0)
    multi_json (1.0.3)
    rake (0.9.2.2)
    rb-fsevent (0.4.3.1)
    rspec (2.7.0)
      rspec-core (~> 2.7.0)
      rspec-expectations (~> 2.7.0)
      rspec-mocks (~> 2.7.0)
    rspec-core (2.7.1)
    rspec-expectations (2.7.0)
      diff-lcs (~> 1.1.2)
    rspec-mocks (2.7.0)
    systemu (2.4.1)
    uuid (2.3.4)
      macaddr (~> 1.0)
    wrest (1.4.7)
      activesupport (~> 3)
      builder (> 2.0)
      multi_json (~> 1.0)

PLATFORMS
  ruby

DEPENDENCIES
  fssm (~> 0.2.7)
  i18n
  rake
  rb-fsevent
  rspec
  uuid
  wrest
